GEM
  remote: https://rubygems.org/
  specs:
    rouge (2.0.7)

PLATFORMS
  ruby

DEPENDENCIES
  rouge!

BUNDLED WITH
   1.14.2
